GEM
  remote: http://rubygems.org/
  specs:
    awesome_print (0.4.0)
    coderay (0.9.8)
    diff-lcs (1.1.3)
    method_source (0.6.7)
      ruby_parser (>= 2.3.1)
    nokogiri (1.5.0)
    notifier (0.1.4)
    pry (0.9.7.4)
      coderay (~> 0.9.8)
      method_source (~> 0.6.7)
      ruby_parser (>= 2.3.1)
      slop (~> 2.1.0)
    rake (0.9.2.2)
    rspec (2.7.0)
      rspec-core (~> 2.7.0)
      rspec-expectations (~> 2.7.0)
      rspec-mocks (~> 2.7.0)
    rspec-core (2.7.1)
    rspec-expectations (2.7.0)
      diff-lcs (~> 1.1.2)
    rspec-mocks (2.7.0)
    ruby_parser (2.3.1)
      sexp_processor (~> 3.0)
    sexp_processor (3.0.7)
    slop (2.1.0)
    test_notifier (1.0.0)
      notifier

PLATFORMS
  ruby

DEPENDENCIES
  awesome_print
  nokogiri
  pry
  rake (~> 0.9)
  rspec (~> 2.7)
  test_notifier (~> 1.0)
